PATH
  remote: .
  specs:
    free_cite (1.0)
      activesupport
      crfpp
      openurl

GEM
  remote: http://rubygems.org/
  specs:
    activesupport (3.2.11)
      i18n (~> 0.6)
      multi_json (~> 1.0)
    coderay (1.0.8)
    columnize (0.3.6)
    crfpp (0.0.4)
    debugger (1.2.3)
      columnize (>= 0.3.1)
      debugger-linecache (~> 1.1.1)
      debugger-ruby_core_source (~> 1.1.5)
    debugger-linecache (1.1.2)
      debugger-ruby_core_source (>= 1.1.1)
    debugger-ruby_core_source (1.1.6)
    diff-lcs (1.1.3)
    ensure_valid_encoding (0.5.3)
    i18n (0.6.1)
    marc (0.5.0)
    method_source (0.8.1)
    multi_json (1.5.0)
    openurl (0.4.2)
      ensure_valid_encoding
      marc
    pry (0.9.10)
      coderay (~> 1.0.5)
      method_source (~> 0.8)
      slop (~> 3.3.1)
    pry-debugger (0.2.1)
      debugger (~> 1.2.0)
      pry (~> 0.9.10)
    rake (10.0.3)
    rspec (2.12.0)
      rspec-core (~> 2.12.0)
      rspec-expectations (~> 2.12.0)
      rspec-mocks (~> 2.12.0)
    rspec-core (2.12.2)
    rspec-expectations (2.12.1)
      diff-lcs (~> 1.1.3)
    rspec-mocks (2.12.1)
    slop (3.3.3)

PLATFORMS
  ruby

DEPENDENCIES
  free_cite!
  pry
  pry-debugger
  rake
  rspec
